GEM
  remote: https://rubygems.org/
  specs:
    actioncable (5.1.1)
      actionpack (= 5.1.1)
      nio4r (~> 2.0)
      websocket-driver (~> 0.6.1)
    actionmailer (5.1.1)
      actionpack (= 5.1.1)
      actionview (= 5.1.1)
      activejob (= 5.1.1)
      mail (~> 2.5, >= 2.5.4)
      rails-dom-testing (~> 2.0)
    actionpack (5.1.1)
      actionview (= 5.1.1)
      activesupport (= 5.1.1)
      rack (~> 2.0)
      rack-test (~> 0.6.3)
      rails-dom-testing (~> 2.0)
      rails-html-sanitizer (~> 1.0, >= 1.0.2)
    actionview (5.1.1)
      activesupport (= 5.1.1)
      builder (~> 3.1)
      erubi (~> 1.4)
      rails-dom-testing (~> 2.0)
      rails-html-sanitizer (~> 1.0, >= 1.0.3)
    activejob (5.1.1)
      activesupport (= 5.1.1)
      globalid (>= 0.3.6)
    activemodel (5.1.1)
      activesupport (= 5.1.1)
    activerecord (5.1.1)
      activemodel (= 5.1.1)
      activesupport (= 5.1.1)
      arel (~> 8.0)
    activesupport (5.1.1)
      concurrent-ruby (~> 1.0, >= 1.0.2)
      i18n (~> 0.7)
      minitest (~> 5.1)
      tzinfo (~> 1.1)
    addressable (2.5.1)
      public_suffix (~> 2.0, >= 2.0.2)
    airbrake (6.1.1)
      airbrake-ruby (~> 2.2, >= 2.2.5)
    airbrake-ruby (2.2.5)
    airbrake-user_informer (0.2.0)
      airbrake (~> 6.0)
      airbrake-ruby (~> 2.0)
      rack
      railties (>= 5.0.0, < 5.2.0)
    arel (8.0.0)
    attr_encrypted (3.0.3)
      encryptor (~> 3.0.0)
    autoprefixer-rails (7.1.1)
      execjs
    bootstrap-sass (3.3.7)
      autoprefixer-rails (>= 5.2.1)
      sass (>= 3.3.4)
    brakeman (3.7.0)
    builder (3.2.3)
    bundler-audit (0.5.0)
      bundler (~> 1.2)
      thor (~> 0.18)
    concurrent-ruby (1.0.5)
    crack (0.4.3)
      safe_yaml (~> 1.0.0)
    dotenv (2.2.1)
    encryptor (3.0.0)
    erubi (1.6.0)
    execjs (2.7.0)
    faraday (0.11.0)
      multipart-post (>= 1.2, < 3)
    globalid (0.4.0)
      activesupport (>= 4.2.0)
    hashdiff (0.3.4)
    hashie (3.5.5)
    httparty (0.15.5)
      multi_xml (>= 0.5.2)
    i18n (0.8.1)
    jquery-rails (4.3.1)
      rails-dom-testing (>= 1, < 3)
      railties (>= 4.2.0)
      thor (>= 0.14, < 2.0)
    json (2.1.0)
    jwt (1.5.6)
    loofah (2.0.3)
      nokogiri (>= 1.5.9)
    mail (2.6.5)
      mime-types (>= 1.16, < 4)
    maxitest (2.4.0)
      minitest (>= 5.0.0, < 5.11.0)
    metaclass (0.0.4)
    method_source (0.8.2)
    mime-types (3.1)
      mime-types-data (~> 3.2015)
    mime-types-data (3.2016.0521)
    mini_portile2 (2.1.0)
    minitest (5.10.2)
    minitest-rails (3.0.0)
      minitest (~> 5.8)
      railties (~> 5.0)
    mocha (1.2.1)
      metaclass (~> 0.0.1)
    multi_json (1.12.1)
    multi_xml (0.6.0)
    multipart-post (2.0.0)
    nio4r (2.0.0)
    nokogiri (1.7.2)
      mini_portile2 (~> 2.1.0)
    oauth2 (1.3.1)
      faraday (>= 0.8, < 0.12)
      jwt (~> 1.0)
      multi_json (~> 1.3)
      multi_xml (~> 0.5)
      rack (>= 1.2, < 3)
    omniauth (1.6.1)
      hashie (>= 3.4.6, < 3.6.0)
      rack (>= 1.6.2, < 3)
    omniauth-github (1.3.0)
      omniauth (~> 1.5)
      omniauth-oauth2 (>= 1.4.0, < 2.0)
    omniauth-oauth2 (1.4.0)
      oauth2 (~> 1.0)
      omniauth (~> 1.2)
    organization_audit (1.0.5)
      json
    pg (0.20.0)
    public_suffix (2.0.5)
    puma (3.8.2)
    rack (2.0.3)
    rack-cache (1.7.0)
      rack (>= 0.4)
    rack-test (0.6.3)
      rack (>= 1.0)
    rails (5.1.1)
      actioncable (= 5.1.1)
      actionmailer (= 5.1.1)
      actionpack (= 5.1.1)
      actionview (= 5.1.1)
      activejob (= 5.1.1)
      activemodel (= 5.1.1)
      activerecord (= 5.1.1)
      activesupport (= 5.1.1)
      bundler (>= 1.3.0, < 2.0)
      railties (= 5.1.1)
      sprockets-rails (>= 2.0.0)
    rails-dom-testing (2.0.3)
      activesupport (>= 4.2.0)
      nokogiri (>= 1.6)
    rails-html-sanitizer (1.0.3)
      loofah (~> 2.0)
    rails_12factor (0.0.3)
      rails_serve_static_assets
      rails_stdout_logging
    rails_serve_static_assets (0.0.5)
    rails_stdout_logging (0.0.5)
    railties (5.1.1)
      actionpack (= 5.1.1)
      activesupport (= 5.1.1)
      method_source
      rake (>= 0.8.7)
      thor (>= 0.18.1, < 2.0)
    rake (12.0.0)
    repo_dependency_graph (0.4.0)
      organization_audit
    safe_yaml (1.0.4)
    sass (3.4.24)
    sass-rails (5.0.6)
      railties (>= 4.0.0, < 6)
      sass (~> 3.1)
      sprockets (>= 2.8, < 4.0)
      sprockets-rails (>= 2.0, < 4.0)
      tilt (>= 1.1, < 3)
    sprockets (3.7.1)
      concurrent-ruby (~> 1.0)
      rack (> 1, < 3)
    sprockets-rails (3.2.0)
      actionpack (>= 4.0)
      activesupport (>= 4.0)
      sprockets (>= 3.0.0)
    thor (0.19.4)
    thread_safe (0.3.6)
    tilt (2.0.7)
    tzinfo (1.2.3)
      thread_safe (~> 0.1)
    uglifier (3.2.0)
      execjs (>= 0.3.0, < 3)
    webmock (3.0.1)
      addressable (>= 2.3.6)
      crack (>= 0.3.2)
      hashdiff
    websocket-driver (0.6.5)
      websocket-extensions (>= 0.1.0)
    websocket-extensions (0.1.2)

PLATFORMS
  ruby

DEPENDENCIES
  airbrake
  airbrake-user_informer
  attr_encrypted
  bootstrap-sass
  brakeman
  bundler-audit
  dotenv
  httparty
  jquery-rails
  json
  maxitest
  minitest-rails
  mocha
  omniauth
  omniauth-github
  pg
  puma
  rack-cache
  rails (~> 5.1.0)
  rails_12factor
  repo_dependency_graph
  sass-rails
  uglifier
  webmock

RUBY VERSION
   ruby 2.4.1p111

BUNDLED WITH
   1.15.3
